GIT
  remote: https://github.com/bokmann/font-awesome-rails.git
  revision: bce13fa0c38e64b405309afa7e56004365293269
  specs:
    font-awesome-rails (3.1.1.3)
      railties (>= 3.2, < 5.0)

GIT
  remote: https://github.com/mkdynamic/omniauth-facebook.git
  revision: 9e7b85564f24f332dc7351ac0188cc734d048f7e
  specs:
    omniauth-facebook (1.4.1)
      omniauth-oauth2 (~> 1.1)

GEM
  remote: https://rubygems.org/
  specs:
    actionmailer (3.2.12)
      actionpack (= 3.2.12)
      mail (~> 2.4.4)
    actionpack (3.2.12)
      activemodel (= 3.2.12)
      activesupport (= 3.2.12)
      builder (~> 3.0.0)
      erubis (~> 2.7.0)
      journey (~> 1.0.4)
      rack (~> 1.4.5)
      rack-cache (~> 1.2)
      rack-test (~> 0.6.1)
      sprockets (~> 2.2.1)
    activemodel (3.2.12)
      activesupport (= 3.2.12)
      builder (~> 3.0.0)
    activerecord (3.2.12)
      activemodel (= 3.2.12)
      activesupport (= 3.2.12)
      arel (~> 3.0.2)
      tzinfo (~> 0.3.29)
    activeresource (3.2.12)
      activemodel (= 3.2.12)
      activesupport (= 3.2.12)
    activesupport (3.2.12)
      i18n (~> 0.6)
      multi_json (~> 1.0)
    addressable (2.3.4)
    arel (3.0.2)
    awesome_print (1.1.0)
    bcrypt-ruby (3.0.1)
    better_errors (0.9.0)
      coderay (>= 1.0.0)
      erubis (>= 2.6.6)
    binding_of_caller (0.7.1)
      debug_inspector (>= 0.0.1)
    bootstrap-sass (2.0.4.2)
    builder (3.0.4)
    cancan (1.6.10)
    capistrano (2.15.4)
      highline
      net-scp (>= 1.0.0)
      net-sftp (>= 2.0.0)
      net-ssh (>= 2.0.14)
      net-ssh-gateway (>= 1.1.0)
    capistrano-ext (1.2.1)
      capistrano (>= 1.0.0)
    capistrano_colors (0.5.5)
    carrierwave (0.8.0)
      activemodel (>= 3.2.0)
      activesupport (>= 3.2.0)
    carrierwave_backgrounder (0.2.1)
      carrierwave (~> 0.5)
    cells (3.8.8)
      actionpack (>= 3.0)
      railties (>= 3.0)
    chunky_png (1.2.8)
    coderay (1.0.9)
    coffee-rails (3.2.2)
      coffee-script (>= 2.2.0)
      railties (~> 3.2.0)
    coffee-script (2.2.0)
      coffee-script-source
      execjs
    coffee-script-source (1.6.2)
    compass (0.12.2)
      chunky_png (~> 1.2)
      fssm (>= 0.2.7)
      sass (~> 3.1)
    compass-rails (1.0.3)
      compass (>= 0.12.2, < 0.14)
    daemons (1.1.9)
    debug_inspector (0.0.2)
    delayed_job (3.0.5)
      activesupport (~> 3.0)
    delayed_job_active_record (0.4.4)
      activerecord (>= 2.1.0, < 4)
      delayed_job (~> 3.0)
    delayed_job_admin (1.0.3)
      delayed_job
      rails
    devise (2.2.4)
      bcrypt-ruby (~> 3.0)
      orm_adapter (~> 0.1)
      railties (~> 3.1)
      warden (~> 1.2.1)
    erubis (2.7.0)
    exception_notification (3.0.1)
      actionmailer (>= 3.0.4)
    excon (0.22.1)
    execjs (1.4.0)
      multi_json (~> 1.0)
    faraday (0.8.7)
      multipart-post (~> 1.1)
    fog (1.11.1)
      builder
      excon (~> 0.20)
      formatador (~> 0.2.0)
      json (~> 1.7)
      mime-types
      net-scp (~> 1.1)
      net-ssh (>= 2.1.3)
      nokogiri (~> 1.5.0)
      ruby-hmac
    formatador (0.2.4)
    fssm (0.2.10)
    hashie (2.0.5)
    highline (1.6.19)
    hike (1.2.3)
    httpauth (0.2.0)
    httpclient (2.3.3)
    i18n (0.6.4)
    impressionist (1.3.1)
      httpclient (~> 2.2)
      nokogiri (~> 1.5)
    journey (1.0.4)
    jquery-fileupload-rails (0.4.1)
      actionpack (>= 3.1)
      railties (>= 3.1)
    jquery-rails (3.0.0)
      railties (>= 3.0, < 5.0)
      thor (>= 0.14, < 2.0)
    jquery-tokeninput-rails (1.6.0)
    jquery-ui-rails (4.0.3)
      jquery-rails
      railties (>= 3.1.0)
    json (1.8.0)
    jwt (0.1.8)
      multi_json (>= 1.5)
    koala (1.6.0)
      addressable (~> 2.2)
      faraday (~> 0.8)
      multi_json (~> 1.3)
    mail (2.4.4)
      i18n (>= 0.4.0)
      mime-types (~> 1.16)
      treetop (~> 1.4.8)
    meta-tags (1.5.0)
      actionpack
    mime-types (1.23)
    mini_magick (3.6.0)
      subexec (~> 0.2.1)
    multi_json (1.7.6)
    multipart-post (1.2.0)
    mysql2 (0.3.11)
    net-scp (1.1.1)
      net-ssh (>= 2.6.5)
    net-sftp (2.1.2)
      net-ssh (>= 2.6.5)
    net-ssh (2.6.7)
    net-ssh-gateway (1.2.0)
      net-ssh (>= 2.6.5)
    nokogiri (1.5.9)
    oauth2 (0.8.1)
      faraday (~> 0.8)
      httpauth (~> 0.1)
      jwt (~> 0.1.4)
      multi_json (~> 1.0)
      rack (~> 1.2)
    omniauth (1.1.4)
      hashie (>= 1.2, < 3)
      rack
    omniauth-oauth2 (1.1.1)
      oauth2 (~> 0.8.0)
      omniauth (~> 1.0)
    orm_adapter (0.4.0)
    polyglot (0.3.3)
    rack (1.4.5)
    rack-cache (1.2)
      rack (>= 0.4)
    rack-ssl (1.3.3)
      rack
    rack-test (0.6.2)
      rack (>= 1.0)
    rails (3.2.12)
      actionmailer (= 3.2.12)
      actionpack (= 3.2.12)
      activerecord (= 3.2.12)
      activeresource (= 3.2.12)
      activesupport (= 3.2.12)
      bundler (~> 1.0)
      railties (= 3.2.12)
    railties (3.2.12)
      actionpack (= 3.2.12)
      activesupport (= 3.2.12)
      rack-ssl (~> 1.3.2)
      rake (>= 0.8.7)
      rdoc (~> 3.4)
      thor (>= 0.14.6, < 2.0)
    rake (10.0.4)
    rdoc (3.12.2)
      json (~> 1.4)
    rmagick (2.13.2)
    ruby-hmac (0.4.0)
    rvm-capistrano (1.3.0)
      capistrano (>= 2.0.0)
    sass (3.2.9)
    sass-rails (3.2.6)
      railties (~> 3.2.0)
      sass (>= 3.1.10)
      tilt (~> 1.3)
    simple_form (2.1.0)
      actionpack (~> 3.0)
      activemodel (~> 3.0)
    slim (2.0.0)
      temple (~> 0.6.5)
      tilt (~> 1.3, >= 1.3.3)
    sprockets (2.2.2)
      hike (~> 1.2)
      multi_json (~> 1.0)
      rack (~> 1.0)
      tilt (~> 1.1, != 1.3.0)
    subexec (0.2.3)
    temple (0.6.5)
    thor (0.18.1)
    tilt (1.4.1)
    treetop (1.4.14)
      polyglot
      polyglot (>= 0.3.1)
    tzinfo (0.3.37)
    uglifier (2.1.1)
      execjs (>= 0.3.0)
      multi_json (~> 1.0, >= 1.0.2)
    underscore-rails (1.4.4)
    warden (1.2.1)
      rack (>= 1.0)
    will_paginate (3.0.4)

PLATFORMS
  ruby

DEPENDENCIES
  awesome_print
  better_errors
  binding_of_caller
  bootstrap-sass (~> 2.0.4.0)
  cancan
  capistrano
  capistrano-ext
  capistrano_colors
  carrierwave
  carrierwave_backgrounder
  cells
  coffee-rails (~> 3.2.1)
  compass-rails
  daemons
  delayed_job_active_record
  delayed_job_admin
  devise
  exception_notification
  fog
  font-awesome-rails!
  impressionist
  jquery-fileupload-rails
  jquery-rails
  jquery-tokeninput-rails
  jquery-ui-rails
  koala
  meta-tags
  mini_magick
  mysql2
  omniauth-facebook!
  rails (= 3.2.12)
  rmagick
  rvm-capistrano
  sass-rails (~> 3.2.3)
  simple_form
  slim
  uglifier (>= 1.0.3)
  underscore-rails
  will_paginate
